PATH
  remote: .
  specs:
    Push0r (0.4.4)

GEM
  remote: https://rubygems.org/
  specs:
    rake (10.4.2)
    rspec (0.9.4)

PLATFORMS
  ruby

DEPENDENCIES
  Push0r!
  rake
  rspec (~> 0)
