PATH
  remote: .
  specs:
    Push0r (0.6.0.beta.1)
      json_web_token (~> 0.3.2)
      net-http2 (~> 0.14.0)

GEM
  remote: https://rubygems.org/
  specs:
    http-2 (0.8.2)
    json (1.8.3)
    json_web_token (0.3.2)
      json (>= 1.8.3)
    net-http2 (0.14.0)
      http-2 (~> 0.8.2)
    rake (11.3.0)

PLATFORMS
  ruby

DEPENDENCIES
  Push0r!
  rake

BUNDLED WITH
   1.13.6
