GEM
  remote: https://rubygems.org/
  specs:
    http-2 (0.8.2)
    json (2.1.0)
    json_web_token (0.3.4)
      json (~> 2.0)
    net-http2 (0.15.0)
      http-2 (= 0.8.2)
    openssl (2.0.3)

PLATFORMS
  ruby

DEPENDENCIES
  json_web_token (~> 0.3.4)
  net-http2 (~> 0.15.0)
  openssl (>= 2.0.3)

BUNDLED WITH
   1.14.5
