PATH
  remote: .
  specs:
    Push0r (0.6.0)
      net-http2 (~> 0.12.1)

GEM
  remote: https://rubygems.org/
  specs:
    http-2 (0.8.2)
    net-http2 (0.12.1)
      http-2 (~> 0.8.2)
    rake (10.4.2)

PLATFORMS
  ruby

DEPENDENCIES
  Push0r!
  rake

BUNDLED WITH
   1.11.2
