PATH
  remote: .
  specs:
    Push0r (0.5.1)
      http-2 (~> 0.8.0)

GEM
  remote: https://rubygems.org/
  specs:
    http-2 (0.8.0)
    rake (10.4.2)
    rspec (0.9.4)

PLATFORMS
  ruby

DEPENDENCIES
  Push0r!
  rake
  rspec (~> 0)

BUNDLED WITH
   1.11.2
