GEM
  remote: https://rubygems.org/
  specs:
    http-2 (0.9.0)
    json (2.1.0)
    json_web_token (0.3.5)
      json (~> 2.1)
    net-http2 (0.18.0)
      http-2 (= 0.9.0)
    openssl (2.1.1)

PLATFORMS
  ruby

DEPENDENCIES
  json_web_token (~> 0.3.5)
  net-http2 (~> 0.18.0)
  openssl (>= 2.1.0)

BUNDLED WITH
   1.16.3
